GEM
  remote: https://rubygems.org/
  specs:
    byebug (11.0.1)
    hashdiff (1.0.1)
    httparty (0.21.0)
      mini_mime (>= 1.0.0)
      multi_xml (>= 0.5.2)
    json (2.3.1)
    mail (2.7.1)
      mini_mime (>= 0.1.1)
    mini_mime (1.1.2)
    mini_portile2 (2.8.8)
    multi_xml (0.6.0)
    nokogiri (1.18.8)
      mini_portile2 (~> 2.8.2)
      racc (~> 1.4)
    pony (1.13.1)
      mail (>= 2.0)
    racc (1.8.1)

PLATFORMS
  ruby

DEPENDENCIES
  byebug (~> 11.0.0)
  hashdiff (~> 1.0.0)
  httparty (~> 0.21.0)
  json (~> 2.3.0)
  nokogiri (~> 1.18.8)
  pony (~> 1.13.0)

BUNDLED WITH
   2.3.10
