GEM
  remote: https://rubygems.org/
  specs:
    byebug (11.0.1)
    hashdiff (1.0.0)
    httparty (0.17.3)
      mime-types (~> 3.0)
      multi_xml (>= 0.5.2)
    json (2.3.0)
    mail (2.7.1)
      mini_mime (>= 0.1.1)
    mime-types (3.3.1)
      mime-types-data (~> 3.2015)
    mime-types-data (3.2019.1009)
    mini_mime (1.0.2)
    mini_portile2 (2.6.1)
    multi_xml (0.6.0)
    nokogiri (1.12.5)
      mini_portile2 (~> 2.6.1)
      racc (~> 1.4)
    pony (1.13.1)
      mail (>= 2.0)
    racc (1.5.2)

PLATFORMS
  ruby

DEPENDENCIES
  byebug (~> 11.0.0)
  hashdiff (~> 1.0.0)
  httparty (~> 0.17.0)
  json (~> 2.3.0)
  nokogiri (~> 1.12.5)
  pony (~> 1.13.0)

BUNDLED WITH
   2.0.2
